GEM
  remote: http://rubygems.org/
  specs:
    builder (3.0.0)
    cucumber (1.0.2)
      builder (>= 2.1.2)
      diff-lcs (>= 1.1.2)
      gherkin (~> 2.4.5)
      json (>= 1.4.6)
      term-ansicolor (>= 1.0.5)
    diff-lcs (1.1.2)
    gherkin (2.4.6)
      json (>= 1.4.6)
    gherkin (2.4.6-java)
      json (>= 1.4.6)
    git (1.2.5)
    httparty (0.8.3)
      multi_json (~> 1.0)
      multi_xml
    jeweler (1.6.4)
      bundler (~> 1.0)
      git (>= 1.2.5)
      rake
    json (1.5.3)
    json (1.5.3-java)
    multi_json (1.3.2)
    multi_xml (0.4.4)
    rake (0.9.2)
    rcov (0.9.9)
    rcov (0.9.9-java)
    rspec (2.6.0)
      rspec-core (~> 2.6.0)
      rspec-expectations (~> 2.6.0)
      rspec-mocks (~> 2.6.0)
    rspec-core (2.6.4)
    rspec-expectations (2.6.0)
      diff-lcs (~> 1.1.2)
    rspec-mocks (2.6.0)
    shoulda (2.11.3)
    term-ansicolor (1.0.6)

PLATFORMS
  java
  ruby

DEPENDENCIES
  cucumber (~> 1.0.2)
  httparty (~> 0.8.3)
  jeweler (~> 1.6.4)
  rcov
  rspec (~> 2.6.0)
  shoulda
